GEM
  remote: https://rubygems.org/
  specs:
    appium_console (2.6.0)
      appium_lib (~> 9, >= 9.6)
      bond (~> 0.5)
      pry (~> 0.10)
      spec (~> 5.3, >= 5.3.1)
      thor (~> 0.19)
    appium_lib (9.18.0)
      appium_lib_core (~> 2.3)
      nokogiri (~> 1.8, >= 1.8.1)
      tomlrb (~> 1.1)
    appium_lib_core (2.3.4)
      faye-websocket (~> 0.10.0)
      selenium-webdriver (~> 3.14, >= 3.14.1)
    ast (2.4.2)
    bond (0.5.1)
    builder (3.2.4)
    childprocess (3.0.0)
    chronic_duration (0.10.6)
      numerizer (~> 0.1.1)
    coderay (1.1.3)
    cucumber (2.4.0)
      builder (>= 2.1.2)
      cucumber-core (~> 1.5.0)
      cucumber-wire (~> 0.0.1)
      diff-lcs (>= 1.1.3)
      gherkin (~> 4.0)
      multi_json (>= 1.7.5, < 2.0)
      multi_test (>= 0.1.2)
    cucumber-core (1.5.0)
      gherkin (~> 4.0)
    cucumber-wire (0.0.1)
    diff-lcs (1.4.4)
    eventmachine (1.2.7)
    eventmachine (1.2.7-x64-mingw32)
    faye-websocket (0.10.9)
      eventmachine (>= 0.12.0)
      websocket-driver (>= 0.5.1)
    gherkin (4.1.3)
    json (2.5.1)
    method_source (1.0.0)
    mini_portile2 (2.5.0)
    multi_json (1.15.0)
    multi_test (0.1.2)
    nokogiri (1.11.1)
      mini_portile2 (~> 2.5.0)
      racc (~> 1.4)
    nokogiri (1.11.1-x64-mingw32)
      racc (~> 1.4)
    numerizer (0.1.1)
    parallel (1.20.1)
    parser (3.0.0.0)
      ast (~> 2.4.1)
    pry (0.13.1)
      coderay (~> 1.1)
      method_source (~> 1.0)
    racc (1.5.2)
    rainbow (3.0.0)
    rake (13.0.3)
    regexp_parser (2.0.3)
    report_builder (1.9)
      json (>= 2.3.0)
    rexml (3.2.4)
    rspec-expectations (3.10.1)
      diff-lcs (>= 1.2.0, < 2.0)
      rspec-support (~> 3.10.0)
    rspec-support (3.10.2)
    rubocop (1.9.1)
      parallel (~> 1.10)
      parser (>= 3.0.0.0)
      rainbow (>= 2.2.2, < 4.0)
      regexp_parser (>= 1.8, < 3.0)
      rexml
      rubocop-ast (>= 1.2.0, < 2.0)
      ruby-progressbar (~> 1.7)
      unicode-display_width (>= 1.4.0, < 3.0)
    rubocop-ast (1.4.1)
      parser (>= 2.7.1.5)
    ruby-progressbar (1.11.0)
    rubyzip (2.3.0)
    selenium-webdriver (3.142.7)
      childprocess (>= 0.5, < 4.0)
      rubyzip (>= 1.2.2)
    spec (5.3.4)
      chronic_duration (~> 0.10.2)
    thor (0.20.3)
    tomlrb (1.3.0)
    unicode-display_width (2.0.0)
    websocket-driver (0.7.3)
      websocket-extensions (>= 0.1.0)
    websocket-extensions (0.1.5)
    yard (0.9.26)
    yard-cucumber (4.0.0)
      cucumber (>= 2.0, < 4.0)
      gherkin (>= 4.0, < 6.0)
      yard (~> 0.8, >= 0.8.1)

PLATFORMS
  ruby
  x64-mingw32

DEPENDENCIES
  appium_console
  appium_lib
  cucumber (= 2.4.0)
  pry
  rake
  report_builder
  rspec-expectations
  rubocop
  selenium-webdriver
  yard-cucumber

BUNDLED WITH
   2.1.4
